PATH
  remote: .
  specs:
    slim (0.8.1)
      temple (~> 0.1.6)
      tilt (~> 1.1)

GEM
  remote: http://rubygems.org/
  specs:
    capybara (0.4.0)
      celerity (>= 0.7.9)
      culerity (>= 0.2.4)
      mime-types (>= 1.16)
      nokogiri (>= 1.3.3)
      rack (>= 1.0.0)
      rack-test (>= 0.5.4)
      selenium-webdriver (>= 0.0.27)
      xpath (~> 0.1.2)
    celerity (0.8.6)
    childprocess (0.1.4)
      ffi (~> 0.6.3)
    configuration (1.2.0)
    culerity (0.2.13)
    ffi (0.6.3)
      rake (>= 0.8.7)
    haml (3.0.24)
    json_pure (1.4.6)
    launchy (0.3.7)
      configuration (>= 0.0.5)
      rake (>= 0.8.1)
    liquid (2.2.2)
    mime-types (1.16)
    minitest (2.0.0)
    nokogiri (1.4.4)
    rack (1.2.1)
    rack-test (0.5.6)
      rack (>= 1.0)
    rake (0.8.7)
    rcov (0.9.9)
    rdiscount (1.6.5)
    rubyzip (0.9.4)
    selenium-webdriver (0.1.1)
      childprocess (= 0.1.4)
      ffi (~> 0.6.3)
      json_pure
      rubyzip
    temple (0.1.6)
    tilt (1.1)
    xpath (0.1.2)
      nokogiri (~> 1.3)
    yard (0.6.3)

PLATFORMS
  ruby

DEPENDENCIES
  capybara (>= 0.4.0)
  haml
  launchy
  liquid
  minitest
  rake (>= 0.8.7)
  rcov
  rdiscount
  slim!
  temple (~> 0.1.6)
  tilt (~> 1.1)
  yard
