PATH
  remote: .
  specs:
    slim (0.8.0)
      temple (~> 0.1.6)
      tilt (~> 1.1)

GEM
  remote: http://rubygems.org/
  specs:
    haml (3.0.24)
    liquid (2.2.2)
    minitest (2.0.0)
    rake (0.8.7)
    rcov (0.9.9)
    rdiscount (1.6.5)
    temple (0.1.6)
    tilt (1.1)
    yard (0.6.3)

PLATFORMS
  ruby

DEPENDENCIES
  haml
  liquid
  minitest
  rake (>= 0.8.7)
  rcov
  rdiscount
  slim!
  temple (~> 0.1.6)
  tilt (~> 1.1)
  yard
