PATH
  remote: .
  specs:
    slim (0.7.0.beta.1)
      escape_utils (>= 0.1.8)
      temple (>= 0.1.2)
      tilt (~> 1.1)

GEM
  remote: http://rubygems.org/
  specs:
    abstract (1.0.0)
    erubis (2.6.6)
      abstract (>= 1.0.0)
    escape_utils (0.1.8)
    haml (3.0.21)
    minitest (1.7.2)
    rake (0.8.7)
    temple (0.1.2)
    tilt (1.1)

PLATFORMS
  ruby

DEPENDENCIES
  erubis
  escape_utils (>= 0.1.8)
  haml
  minitest
  rake (>= 0.8.7)
  slim!
  temple (>= 0.1.2)
  tilt (~> 1.1)
