PATH
  remote: .
  specs:
    slim (0.7.0.beta.2)
      escape_utils (>= 0.1.9)
      temple (~> 0.1.2)
      tilt (~> 1.1)

GEM
  remote: http://rubygems.org/
  specs:
    abstract (1.0.0)
    erubis (2.6.6)
      abstract (>= 1.0.0)
    escape_utils (0.1.9)
    haml (3.0.22)
    liquid (2.2.2)
    minitest (1.7.2)
    rake (0.8.7)
    rcov (0.9.9)
    rdiscount (1.6.5)
    temple (0.1.3)
    tilt (1.1)
    yard (0.6.1)

PLATFORMS
  ruby

DEPENDENCIES
  erubis
  escape_utils (>= 0.1.9)
  haml
  liquid
  minitest
  rake (>= 0.8.7)
  rcov
  rdiscount
  slim!
  temple (~> 0.1.2)
  tilt (~> 1.1)
  yard
